GEM
  remote: https://rubygems.org/
  specs:
    fast_stack (0.2.0)
    flamegraph (0.9.5)
    minitest (5.11.3)

PLATFORMS
  x64-mingw32

DEPENDENCIES
  fast_stack
  flamegraph
  minitest

BUNDLED WITH
   1.16.1
